PATH
  remote: .
  specs:
    google-protobuf (3.21.5)

GEM
  remote: https://rubygems.org/
  specs:
    power_assert (2.0.1)
    rake (13.0.6)
    rake-compiler (1.1.9)
      rake
    rake-compiler-dock (1.2.1)
    test-unit (3.5.3)
      power_assert

PLATFORMS
  arm64-darwin-21

DEPENDENCIES
  google-protobuf!
  rake-compiler (~> 1.1.0)
  rake-compiler-dock (= 1.2.1)
  test-unit (~> 3.0, >= 3.0.9)

BUNDLED WITH
   2.3.17
